GIT
  remote: git://github.com/ericfode/neography.git
  revision: 58690f6a33d17bf6fc17637d39023714e1882353
  specs:
    neography (1.0.10)
      httpclient (>= 2.3.3)
      json (>= 1.7.7)
      multi_json (>= 1.3.2)
      os (>= 0.9.6)
      rake (>= 0.8.7)
      rubyzip (>= 0.9.7)

GEM
  remote: https://rubygems.org/
  specs:
    blankslate (2.1.2.4)
    ethon (0.5.12)
      ffi (>= 1.3.0)
      mime-types (~> 1.18)
    ffi (1.8.1)
    httpclient (2.3.3)
    iron_core (0.6.2)
      rest (>= 2.2.0)
    iron_mq (4.0.3)
      iron_core (>= 0.5.1)
    json (1.8.0)
    logfmt (0.0.2)
      parslet
    mime-types (1.23)
    multi_json (1.7.3)
    os (0.9.6)
    parslet (1.5.0)
      blankslate (~> 2.0)
    rack (1.5.2)
    rack-protection (1.5.0)
      rack
    rake (10.0.4)
    rest (2.6.0)
      rest-client (>= 0.3.0)
    rest-client (1.6.7)
      mime-types (>= 1.16)
    rubyzip (0.9.9)
    sinatra (1.4.2)
      rack (~> 1.5, >= 1.5.2)
      rack-protection (~> 1.4)
      tilt (~> 1.3, >= 1.3.4)
    sinatra-cross_origin (0.2.0)
    tilt (1.4.1)
    typhoeus (0.6.3)
      ethon (~> 0.5.11)

PLATFORMS
  ruby

DEPENDENCIES
  iron_mq
  logfmt
  neography!
  sinatra
  sinatra-cross_origin
  typhoeus
