GEM
  remote: https://rubygems.org/
  specs:
    ethon (0.5.12)
      ffi (>= 1.3.0)
      mime-types (~> 1.18)
    ffi (1.8.1)
    httpclient (2.3.3)
    iron_core (0.6.1)
      rest (>= 2.2.0)
    iron_mq (4.0.3)
      iron_core (>= 0.5.1)
    json (1.7.7)
    mime-types (1.23)
    multi_json (1.7.2)
    neography (1.0.9)
      httpclient (>= 2.3.3)
      json (>= 1.6.0)
      multi_json (>= 1.3.2)
      os (>= 0.9.6)
      rake (>= 0.8.7)
      rubyzip (>= 0.9.7)
    os (0.9.6)
    rack (1.5.2)
    rack-protection (1.5.0)
      rack
    rake (10.0.4)
    rest (2.6.0)
      rest-client (>= 0.3.0)
    rest-client (1.6.7)
      mime-types (>= 1.16)
    rubyzip (0.9.9)
    sinatra (1.4.2)
      rack (~> 1.5, >= 1.5.2)
      rack-protection (~> 1.4)
      tilt (~> 1.3, >= 1.3.4)
    tilt (1.4.0)
    typhoeus (0.6.3)
      ethon (~> 0.5.11)

PLATFORMS
  ruby

DEPENDENCIES
  iron_mq
  neography
  sinatra
  typhoeus
